GEM
  remote: https://rubygems.org/
  specs:
    mustermann (3.0.0)
      ruby2_keywords (~> 0.0.1)
    prometheus-client (2.1.0)
    rack (2.2.4)
    rack-protection (3.0.1)
      rack
    ruby2_keywords (0.0.5)
    sinatra (3.0.1)
      mustermann (~> 3.0)
      rack (~> 2.2, >= 2.2.4)
      rack-protection (= 3.0.1)
      tilt (~> 2.0)
    tilt (2.0.11)

PLATFORMS
  ruby

DEPENDENCIES
  prometheus-client
  sinatra

RUBY VERSION
   ruby 2.7.2p137

BUNDLED WITH
   2.1.4
